GEM
  remote: https://rubygems.org/
  specs:
    chunky_png (1.3.11)
    compass (1.0.3)
      chunky_png (~> 1.2)
      compass-core (~> 1.0.2)
      compass-import-once (~> 1.0.5)
      rb-fsevent (>= 0.9.3)
      rb-inotify (>= 0.9)
      sass (>= 3.3.13, < 3.5)
    compass-core (1.0.3)
      multi_json (~> 1.0)
      sass (>= 3.3.0, < 3.5)
    compass-import-once (1.0.5)
      sass (>= 3.2, < 3.5)
    daemons (1.3.1)
    eventmachine (1.2.7)
    ffi (1.11.1)
    haml (5.0.4)
      temple (>= 0.8.0)
      tilt
    moji (1.6)
    mojinizer (0.2.2)
      moji (~> 1.6)
    multi_json (1.14.1)
    mustermann (1.0.3)
    rack (2.0.7)
    rack-protection (2.0.7)
      rack
    rake (13.0.0)
    rb-fsevent (0.10.3)
    rb-inotify (0.10.0)
      ffi (~> 1.0)
    rufus-json (1.0.6)
    sass (3.4.25)
    sinatra (2.0.7)
      mustermann (~> 1.0)
      rack (~> 2.0)
      rack-protection (= 2.0.7)
      tilt (~> 2.0)
    temple (0.8.2)
    thin (1.7.2)
      daemons (~> 1.0, >= 1.0.9)
      eventmachine (~> 1.0, >= 1.0.4)
      rack (>= 1, < 3)
    tilt (2.0.10)
    yajl-ruby (1.4.1)

PLATFORMS
  ruby

DEPENDENCIES
  compass
  haml (~> 5.0.0)
  mojinizer
  rake
  rufus-json
  sinatra
  thin
  yajl-ruby

BUNDLED WITH
   1.16.2
